GEM
  remote: https://rubygems.org/
  specs:
    redis (3.1.0)
    terminal-table (1.4.5)

PLATFORMS
  ruby

DEPENDENCIES
  redis
  terminal-table
